PATH
  remote: .
  specs:
    subsea (0.1.0)
      nokogiri (>= 1.4.2)

GEM
  remote: https://rubygems.org/
  specs:
    git (1.2.5)
    jeweler (1.8.4)
      bundler (~> 1.0)
      git (>= 1.2.5)
      rake
      rdoc
    json (1.8.0)
    nokogiri (1.5.9)
    rake (10.0.4)
    rdoc (4.0.1)
      json (~> 1.4)

PLATFORMS
  ruby

DEPENDENCIES
  jeweler (>= 1.2.1)
  subsea!
